GEM
  remote: https://rubygems.org/
  specs:
    algorithms (0.6.1)
    algorithms (0.6.1-java)
    mini_portile (0.5.3)
    nokogiri (1.6.1-java)
      mini_portile (~> 0.5.0)
    overrides (0.10.0)

PLATFORMS
  java

DEPENDENCIES
  algorithms
  nokogiri
  overrides
